GEM
  remote: http://rubygems.org/
  specs:
    daemons (1.1.8)
    diff-lcs (1.1.3)
    eventmachine (0.12.10)
    json (1.7.4)
    mime-types (1.19)
    rack (1.6.12)
    rest-client (1.6.7)
      mime-types (>= 1.16)
    rspec (2.11.0)
      rspec-core (~> 2.11.0)
      rspec-expectations (~> 2.11.0)
      rspec-mocks (~> 2.11.0)
    rspec-core (2.11.1)
    rspec-expectations (2.11.2)
      diff-lcs (~> 1.1.3)
    rspec-mocks (2.11.1)
    sinatra (1.1.0)
      rack (~> 1.1)
      tilt (~> 1.1)
    thin (1.4.1)
      daemons (>= 1.0.9)
      eventmachine (>= 0.12.6)
      rack (>= 1.0.0)
    tilt (1.3.3)

PLATFORMS
  ruby

DEPENDENCIES
  json (~> 1.7.4)
  rest-client (~> 1.6.7)
  rspec
  sinatra (= 1.1.0)
  thin
